PATH
  remote: .
  specs:
    each_parallel (0.1.0)

GEM
  remote: https://rubygems.org/
  specs:
    minitest (5.11.3)
    rake (10.5.0)
    thread (0.2.2)

PLATFORMS
  ruby

DEPENDENCIES
  bundler (~> 1.16)
  each_parallel!
  minitest (~> 5.0)
  rake (~> 10.0)
  thread

BUNDLED WITH
   1.16.1
